GEM
  remote: https://rubygems.org/
  specs:
    httpclient (2.3.3)
    json (1.8.0)
    rack (1.5.2)
    rack-protection (1.5.0)
      rack
    sinatra (1.4.3)
      rack (~> 1.4)
      rack-protection (~> 1.4)
      tilt (~> 1.3, >= 1.3.4)
    summon (2.0.5)
      json
    tilt (1.4.1)

PLATFORMS
  ruby

DEPENDENCIES
  httpclient
  sinatra
  summon
